GEM
  remote: https://rubygems.org/
  specs:
    builder (3.2.2)
    intercom (3.2.0)
      json (~> 1.8)
    json (1.8.3)
    jwt (1.5.1)
    mini_portile (0.6.2)
    multi_json (1.11.2)
    nokogiri (1.6.6.2)
      mini_portile (~> 0.6.0)
    rack (1.6.4)
    rack-protection (1.5.3)
      rack
    sinatra (1.4.6)
      rack (~> 1.4)
      rack-protection (~> 1.4)
      tilt (>= 1.3, < 3)
    tilt (2.0.1)
    twilio-ruby (4.4.0)
      builder (>= 2.1.2)
      jwt (~> 1.0)
      multi_json (>= 1.3.0)

PLATFORMS
  ruby

DEPENDENCIES
  intercom
  nokogiri
  sinatra
  twilio-ruby

BUNDLED WITH
   1.10.6
